GIT
  remote: git://github.com/sstephenson/sprockets.git
  revision: e13d1e875f1dbd267e6da9705bda3a83ab397cdc
  specs:
    sprockets (2.0.0.beta.14)
      hike (~> 1.2)
      rack (~> 1.0)
      tilt (!= 1.3.0, ~> 1.1)

GEM
  remote: http://rubygems.org/
  specs:
    adsf (1.0.1)
      rack (>= 1.0.0)
    coderay (0.9.8)
    coffee-script (2.2.0)
      coffee-script-source
      execjs
    coffee-script-source (1.1.2)
    cri (2.0.2)
    execjs (1.2.4)
      multi_json (~> 1.0)
    hike (1.2.1)
    kramdown (0.13.3)
    libv8 (3.3.10.2)
    mime-types (1.16)
    multi_json (1.0.3)
    nanoc (3.2.1)
      nanoc3 (>= 3.2.1)
    nanoc3 (3.2.1)
      cri (~> 2.0)
    nokogiri (1.5.0)
    rack (1.3.2)
    sass (3.1.7)
    therubyracer (0.9.4)
      libv8 (~> 3.3.10)
    tilt (1.3.3)
    uglifier (1.0.1)
      execjs (>= 0.3.0)
      multi_json (>= 1.0.2)

PLATFORMS
  ruby

DEPENDENCIES
  adsf
  coderay
  coffee-script
  kramdown
  mime-types
  nanoc
  nokogiri
  sass
  sprockets!
  therubyracer
  uglifier
